GEM
  remote: http://rubygems.org/
  remote: http://gems.github.com/
  specs:
    aaronh-chronic (0.3.9)
    activesupport (3.0.9)
    awesome_print (0.4.0)
    encryptor (1.1.3)
    i18n (0.5.0)
    net-sftp (2.0.5)
      net-ssh (>= 2.0.9)
    net-ssh (2.1.4)
    whenever (0.6.8)
      aaronh-chronic (>= 0.3.9)
      activesupport (>= 2.3.4)

PLATFORMS
  ruby

DEPENDENCIES
  activesupport (~> 3.0.9)
  awesome_print (~> 0.4.0)
  encryptor
  i18n (~> 0.5.0)
  net-sftp (~> 2.0.5)
  whenever (~> 0.6.8)
