GEM
  remote: http://rubygems.org/
  remote: http://gems.github.com/
  specs:
    aaronh-chronic (0.3.9)
    activemodel (3.0.9)
      activesupport (= 3.0.9)
      builder (~> 2.1.2)
      i18n (~> 0.5.0)
    activerecord (3.0.9)
      activemodel (= 3.0.9)
      activesupport (= 3.0.9)
      arel (~> 2.0.10)
      tzinfo (~> 0.3.23)
    activerecord-import (0.2.7)
      activerecord (~> 3.0.0)
    activesupport (3.0.9)
    arel (2.0.10)
    awesome_print (0.4.0)
    builder (2.1.2)
    diff-lcs (1.1.2)
    encryptor (1.1.3)
    fastercsv (1.5.4)
    i18n (0.5.0)
    net-sftp (2.0.5)
      net-ssh (>= 2.0.9)
    net-ssh (2.1.4)
    rake (0.9.2)
    rspec (2.6.0)
      rspec-core (~> 2.6.0)
      rspec-expectations (~> 2.6.0)
      rspec-mocks (~> 2.6.0)
    rspec-core (2.6.4)
    rspec-expectations (2.6.0)
      diff-lcs (~> 1.1.2)
    rspec-mocks (2.6.0)
    sqlite3 (1.3.3)
    sqlite3-ruby (1.3.3)
      sqlite3 (>= 1.3.3)
    standalone_migrations (1.0.1)
      activerecord (>= 3)
      rake
    tzinfo (0.3.29)
    whenever (0.6.8)
      aaronh-chronic (>= 0.3.9)
      activesupport (>= 2.3.4)

PLATFORMS
  ruby

DEPENDENCIES
  activerecord (~> 3.0.9)
  activerecord-import (~> 0.2.7)
  activesupport (~> 3.0.9)
  awesome_print (~> 0.4.0)
  encryptor
  fastercsv (~> 1.5.4)
  net-sftp (~> 2.0.5)
  rake (~> 0.9.2)
  rspec (~> 2.6.0)
  sqlite3-ruby (~> 1.3.3)
  standalone_migrations
  whenever (~> 0.6.8)
